GEM
  remote: http://rubygems.org/
  specs:
    commander (4.5.0)
      highline (~> 2.0.0)
    highline (2.0.3)
    rubyzip (1.3.0)

PLATFORMS
  x64-mingw32
  x86-mingw32

DEPENDENCIES
  commander
  rubyzip (~> 1.3.0)

BUNDLED WITH
   1.17.2
